GEM
  remote: http://rubygems.org/
  specs:
    highline (1.6.2)
    trollop (1.16.2)

PLATFORMS
  ruby

DEPENDENCIES
  highline
  trollop
