GEM
  remote: http://rubygems.org/
  specs:
    coderay (1.0.7)
    highline (1.6.13)
    method_source (0.8)
    pry (0.9.10)
      coderay (~> 1.0.5)
      method_source (~> 0.8)
      slop (~> 3.3.1)
    slop (3.3.2)
    trollop (1.16.2)

PLATFORMS
  ruby

DEPENDENCIES
  highline
  pry
  trollop
